GEM
  remote: https://rubygems.org/
  specs:
    celluloid (0.15.2)
      timers (~> 1.1.0)
    celluloid-io (0.15.0)
      celluloid (>= 0.15.0)
      nio4r (>= 0.5.0)
    nio4r (1.0.0)
    timers (1.1.0)

PLATFORMS
  ruby

DEPENDENCIES
  celluloid-io
